GEM
  remote: https://rubygems.org/
  specs:
    colorize (0.8.1)
    concurrent-ruby (1.1.8)
    faker (1.9.6)
      i18n (>= 0.7)
    i18n (1.8.10)
      concurrent-ruby (~> 1.0)

PLATFORMS
  ruby

DEPENDENCIES
  colorize (~> 0.8.1)
  faker (~> 1.9)

BUNDLED WITH
   2.2.16
